GEM
  remote: https://rubygems.org/
  specs:
    childprocess (3.0.0)
    chunky_png (1.2.9)
    coderay (1.1.3)
    coffee-script (2.4.1)
      coffee-script-source
      execjs
    coffee-script-source (1.3.3)
    compass (0.12.7)
      chunky_png (~> 1.2)
      fssm (>= 0.2.7)
      sass (~> 3.2.19)
    diff-lcs (1.3)
    execjs (2.7.0)
    ffi (1.13.0)
    fssm (0.2.10)
    guard (1.5.4)
      listen (>= 0.4.2)
      lumberjack (>= 1.0.2)
      pry (>= 0.9.10)
      thor (>= 0.14.6)
    guard-coffeescript (1.2.1)
      coffee-script (>= 2.2.0)
      guard (>= 1.1.0)
    guard-compass (0.0.6)
      compass (>= 0.10.5)
      guard (>= 0.2.1)
    guard-jasmine (1.10.1)
      childprocess
      guard (>= 1.1.0)
      multi_json
      thor
    jasmine (1.3.2)
      jasmine-core (~> 1.3.1)
      rack (~> 1.0)
      rspec (>= 1.3.1)
      selenium-webdriver (>= 0.1.3)
    jasmine-core (1.3.1)
    json (1.8.6)
    listen (0.7.3)
    lumberjack (1.2.5)
    method_source (0.9.2)
    multi_json (1.14.1)
    oily_png (1.0.3)
      chunky_png (~> 1.2.1)
    pry (0.9.12.6)
      coderay (~> 1.0)
      method_source (~> 0.8)
      slop (~> 3.4)
    rack (1.6.13)
    rake (10.0.4)
    rb-inotify (0.8.8)
      ffi (>= 0.5.0)
    rspec (3.9.0)
      rspec-core (~> 3.9.0)
      rspec-expectations (~> 3.9.0)
      rspec-mocks (~> 3.9.0)
    rspec-core (3.9.2)
      rspec-support (~> 3.9.3)
    rspec-expectations (3.9.2)
      diff-lcs (>= 1.2.0, < 2.0)
      rspec-support (~> 3.9.0)
    rspec-mocks (3.9.1)
      diff-lcs (>= 1.2.0, < 2.0)
      rspec-support (~> 3.9.0)
    rspec-support (3.9.3)
    rubyzip (2.3.0)
    sass (3.2.19)
    selenium-webdriver (3.142.7)
      childprocess (>= 0.5, < 4.0)
      rubyzip (>= 1.2.2)
    slop (3.6.0)
    thor (1.0.1)

PLATFORMS
  ruby

DEPENDENCIES
  coffee-script-source (~> 1.3.3)
  compass (~> 0.12.2)
  guard (~> 1.5.4)
  guard-coffeescript (~> 1.2.1)
  guard-compass (~> 0.0.6)
  guard-jasmine (~> 1.10.1)
  jasmine (~> 1.3.0)
  json (~> 1.8.5)
  oily_png (~> 1.0.2)
  pry (~> 0.9.10)
  rake (~> 10.0.2)
  rb-inotify (~> 0.8.8)
  sass (~> 3.2.3)

BUNDLED WITH
   2.0.1
